GEM
  remote: https://rubygems.org/
  specs:
    json (1.7.7)
    parseconfig (1.0.2)

PLATFORMS
  ruby

DEPENDENCIES
  json
  parseconfig
