GEM
  remote: https://rubygems.org/
  specs:
    id3lib-ruby (0.6.0)
    json (1.7.7)
    parseconfig (1.0.2)

PLATFORMS
  ruby

DEPENDENCIES
  id3lib-ruby
  json
  parseconfig
